GEM
  remote: http://rubygems.org/
  specs:
    actionpack (4.1.4)
      actionview (= 4.1.4)
      activesupport (= 4.1.4)
      rack (~> 1.5.2)
      rack-test (~> 0.6.2)
    actionview (4.1.4)
      activesupport (= 4.1.4)
      builder (~> 3.1)
      erubis (~> 2.7.0)
    activesupport (4.1.4)
      i18n (~> 0.6, >= 0.6.9)
      json (~> 1.7, >= 1.7.7)
      minitest (~> 5.1)
      thread_safe (~> 0.1)
      tzinfo (~> 1.1)
    ast (2.0.0)
    astrolabe (0.5.1)
      parser (~> 2.1)
    awesome_print (1.2.0)
    binding_of_caller (0.7.2)
      debug_inspector (>= 0.0.1)
    builder (3.2.2)
    bundle_outdated (0.0.4)
    cheat (1.3.3)
      pager (~> 1.0)
    coderay (1.1.0)
    colored (1.2)
    columnize (0.8.9)
    configuration (1.3.4)
    coolline (0.4.4)
    debug_inspector (0.0.2)
    debugger (1.6.8)
      columnize (>= 0.3.1)
      debugger-linecache (~> 1.2.0)
      debugger-ruby_core_source (~> 1.3.5)
    debugger-linecache (1.2.0)
    debugger-ruby_core_source (1.3.5)
    diff-lcs (1.2.5)
    diffy (3.0.5)
    erubis (2.7.0)
    excon (0.38.0)
    gem-outdated (0.1)
    git-up (0.5.12)
      colored (>= 1.2)
      grit
    git_remote_branch (0.3.8)
    github (0.7.0)
      highline (~> 1.5.1)
      json_pure (~> 1.5.1)
      launchy (~> 0.3.7)
      text-format (= 1.0.0)
      text-hyphen (= 1.0.0)
    grit (2.5.0)
      diff-lcs (~> 1.1)
      mime-types (~> 1.15)
      posix-spawn (~> 0.3.6)
    heroku (3.9.1)
      heroku-api (~> 0.3.17)
      launchy (>= 0.3.2)
      netrc (~> 0.7.7)
      rest-client (~> 1.6.1)
      rubyzip
    heroku-api (0.3.18)
      excon (~> 0.27)
      multi_json (~> 1.8)
    highline (1.5.2)
    hirb (0.7.2)
    i18n (0.6.11)
    irb_hacks (0.2.5)
    jazz_hands (0.5.2)
      awesome_print (~> 1.2)
      coolline (>= 0.4.2)
      hirb (~> 0.7.1)
      pry (~> 0.9.12)
      pry-debugger (~> 0.2.2)
      pry-doc (~> 0.4.6)
      pry-git (~> 0.2.3)
      pry-rails (~> 0.3.2)
      pry-remote (>= 0.1.7)
      pry-stack_explorer (~> 0.4.9)
      railties (>= 3.0, < 5.0)
    json (1.8.1)
    json_pure (1.5.5)
      spruz (~> 0.2.8)
    launchy (0.3.7)
      configuration (>= 0.0.5)
      rake (>= 0.8.1)
    method_source (0.8.2)
    mime-types (1.25.1)
    minitest (5.4.0)
    multi_json (1.10.1)
    netrc (0.7.7)
    open_gem (1.4.2)
      launchy (~> 0.3.5)
    ori (0.1.0)
    pager (1.0.1)
    parser (2.1.9)
      ast (>= 1.1, < 3.0)
      slop (~> 3.4, >= 3.4.5)
    posix-spawn (0.3.8)
    powder (0.2.1)
      thor (>= 0.11.5)
    powerpack (0.0.9)
    powify (0.9.1)
    pry (0.9.12.6)
      coderay (~> 1.0)
      method_source (~> 0.8)
      slop (~> 3.4)
    pry-debugger (0.2.3)
      debugger (~> 1.3)
      pry (>= 0.9.10, < 0.11.0)
    pry-doc (0.4.6)
      pry (>= 0.9)
      yard (>= 0.8)
    pry-git (0.2.3)
      diffy
      grit
      pry (>= 0.9.8)
    pry-rails (0.3.2)
      pry (>= 0.9.10)
    pry-remote (0.1.8)
      pry (~> 0.9)
      slop (~> 3.0)
    pry-stack_explorer (0.4.9.1)
      binding_of_caller (>= 0.7)
      pry (>= 0.9.11)
    rack (1.5.2)
    rack-test (0.6.2)
      rack (>= 1.0)
    railties (4.1.4)
      actionpack (= 4.1.4)
      activesupport (= 4.1.4)
      rake (>= 0.8.7)
      thor (>= 0.18.1, < 2.0)
    rainbow (2.0.0)
    rake (10.2.2)
    rdoc (4.1.1)
      json (~> 1.4)
    rest-client (1.6.8)
      mime-types (~> 1.16)
      rdoc (>= 2.4.2)
    rubocop (0.23.0)
      json (>= 1.7.7, < 2)
      parser (~> 2.1.9)
      powerpack (~> 0.0.6)
      rainbow (>= 1.99.1, < 3.0)
      ruby-progressbar (~> 1.4)
    ruby-lint (2.0.1)
      parser (~> 2.1, >= 2.1.1)
      slop (~> 3.4, >= 3.4.7)
    ruby-progressbar (1.5.1)
    rubyzip (1.1.6)
    showoff-io (0.4.0)
    slop (3.5.0)
    spruz (0.2.13)
    tapp (1.4.1)
      thor
    text-format (1.0.0)
      text-hyphen (~> 1.0.0)
    text-hyphen (1.0.0)
    thor (0.19.1)
    thread_safe (0.3.4)
    transpec (2.3.3)
      activesupport (>= 3.0, < 5.0)
      astrolabe (>= 0.5.1, < 0.6)
      bundler (~> 1.3)
      json (~> 1.8)
      parser (>= 2.1.6, < 3.0)
      rainbow (>= 1.99.1, < 3.0)
    tzinfo (1.2.1)
      thread_safe (~> 0.1)
    wirble (0.1.3)
    yard (0.8.7.4)
    zeus (0.15.1)
      method_source (>= 0.6.7)

PLATFORMS
  ruby

DEPENDENCIES
  bundle_outdated
  bundler
  cheat
  gem-outdated
  git-up
  git_remote_branch
  github
  heroku
  irb_hacks
  jazz_hands
  open_gem
  ori
  powder
  powify
  rake (= 10.2.2)
  rdoc
  rubocop
  ruby-lint
  showoff-io
  tapp
  transpec
  wirble
  zeus
