GEM
  remote: http://rubygems.org/
  specs:
    awesome_print (0.4.0)
    bundle_outdated (0.0.3)
    cheat (1.3.0)
    colored (1.2)
    configuration (1.3.1)
    gem-outdated (0.1)
    git_remote_branch (0.3.0)
      colored (>= 1.1)
    github (0.1.1)
    highline (1.6.8)
    irb_hacks (0.2.2)
    json (1.6.1)
    json_pure (1.6.1)
    launchy (0.3.7)
      configuration (>= 0.0.5)
      rake (>= 0.8.1)
    mime-types (1.17.2)
    net-ssh (2.2.1)
    open_gem (1.4.2)
      launchy (~> 0.3.5)
    ori (0.1.0)
    powder (0.1.7)
      thor (>= 0.11.5)
    powify (0.8.2)
      json
      rake
      rdoc
    rake (0.9.2.2)
    rdoc (3.11)
      json (~> 1.4)
    rest-client (1.6.1)
      mime-types (>= 1.16)
    showoff-io (0.3.1)
      highline (>= 1.6.1)
      json_pure
      net-ssh (>= 2.1.0)
      rest-client (= 1.6.1)
    thor (0.14.6)
    wirble (0.1.3)

PLATFORMS
  ruby

DEPENDENCIES
  awesome_print
  bundle_outdated
  bundler
  cheat
  gem-outdated
  git_remote_branch
  github
  irb_hacks
  open_gem
  ori
  powder
  powify
  rake
  rdoc
  showoff-io
  wirble
