GEM
  remote: http://rubygems.org/
  specs:
    awesome_print (1.0.2)
    bundle_outdated (0.0.4)
    cheat (1.3.0)
    configuration (1.3.1)
    excon (0.16.1)
    gem-outdated (0.1)
    git_remote_branch (0.3.3)
      rainbow
    github (0.1.1)
    heroku (2.30.3)
      heroku-api (~> 0.3.4)
      launchy (>= 0.3.2)
      netrc (~> 0.7.7)
      rest-client (~> 1.6.1)
      rubyzip
    heroku-api (0.3.4)
      excon (~> 0.16.1)
    highline (1.6.12)
    irb_hacks (0.2.4)
    json (1.7.3)
    json_pure (1.7.3)
    launchy (0.3.7)
      configuration (>= 0.0.5)
      rake (>= 0.8.1)
    method_source (0.8.1)
    mime-types (1.18)
    net-ssh (2.5.2)
    netrc (0.7.7)
    open_gem (1.4.2)
      launchy (~> 0.3.5)
    ori (0.1.0)
    powder (0.1.7)
      thor (>= 0.11.5)
    powify (0.8.5)
      json
    rainbow (1.1.4)
    rake (0.9.2.2)
    rdoc (3.12)
      json (~> 1.4)
    rest-client (1.6.1)
      mime-types (>= 1.16)
    rubyzip (0.9.9)
    showoff-io (0.3.1)
      highline (>= 1.6.1)
      json_pure
      net-ssh (>= 2.1.0)
      rest-client (= 1.6.1)
    tapp (1.3.1)
      thor
    thor (0.15.2)
    wirble (0.1.3)
    zeus (0.13.2)
      method_source (>= 0.6.7)

PLATFORMS
  ruby

DEPENDENCIES
  awesome_print
  bundle_outdated
  bundler
  cheat
  gem-outdated
  git_remote_branch
  github
  heroku
  irb_hacks
  open_gem
  ori
  powder
  powify
  rake
  rdoc
  showoff-io
  tapp
  wirble
  zeus
