GEM
  remote: http://rubygems.org/
  specs:
    awesome_print (1.1.0)
    bundle_outdated (0.0.4)
    cheat (1.3.3)
      pager (~> 1.0)
    colored (1.2)
    configuration (1.3.2)
    diff-lcs (1.2.5)
    excon (0.25.3)
    gem-outdated (0.1)
    git-up (0.5.12)
      colored (>= 1.2)
      grit
    git_remote_branch (0.3.5)
      rainbow
    github (0.7.0)
      highline (~> 1.5.1)
      json_pure (~> 1.5.1)
      launchy (~> 0.3.7)
      text-format (= 1.0.0)
      text-hyphen (= 1.0.0)
    grit (2.5.0)
      diff-lcs (~> 1.1)
      mime-types (~> 1.15)
      posix-spawn (~> 0.3.6)
    heroku (2.40.0)
      heroku-api (~> 0.3.7)
      launchy (>= 0.3.2)
      netrc (~> 0.7.7)
      rest-client (~> 1.6.1)
      rubyzip
    heroku-api (0.3.15)
      excon (~> 0.25.1)
    highline (1.5.2)
    irb_hacks (0.2.5)
    json (1.8.0)
    json_pure (1.5.5)
      spruz (~> 0.2.8)
    launchy (0.3.7)
      configuration (>= 0.0.5)
      rake (>= 0.8.1)
    method_source (0.8.2)
    mime-types (1.24)
    netrc (0.7.7)
    open_gem (1.4.2)
      launchy (~> 0.3.5)
    ori (0.1.0)
    pager (1.0.1)
    posix-spawn (0.3.6)
    powder (0.2.0)
      thor (>= 0.11.5)
    powify (0.8.5)
      json
    rainbow (1.1.4)
    rake (10.1.0)
    rdoc (4.0.1)
      json (~> 1.4)
    rest-client (1.6.7)
      mime-types (>= 1.16)
    rubyzip (0.9.9)
    showoff-io (0.4.0)
    spruz (0.2.13)
    tapp (1.4.0)
      thor
    text-format (1.0.0)
      text-hyphen (~> 1.0.0)
    text-hyphen (1.0.0)
    thor (0.18.1)
    wirble (0.1.3)
    zeus (0.13.3)
      method_source (>= 0.6.7)

PLATFORMS
  ruby

DEPENDENCIES
  awesome_print
  bundle_outdated
  bundler
  cheat
  gem-outdated
  git-up
  git_remote_branch
  github
  heroku
  irb_hacks
  open_gem
  ori
  powder
  powify
  rake
  rdoc
  showoff-io
  tapp
  wirble
  zeus
