GEM
  remote: http://rubygems.org/
  specs:
    activesupport (4.0.2)
      i18n (~> 0.6, >= 0.6.4)
      minitest (~> 4.2)
      multi_json (~> 1.3)
      thread_safe (~> 0.1)
      tzinfo (~> 0.3.37)
    ast (1.1.0)
    atomic (1.1.14)
    awesome_print (1.2.0)
    bundle_outdated (0.0.4)
    cheat (1.3.3)
      pager (~> 1.0)
    colored (1.2)
    configuration (1.3.2)
    diff-lcs (1.2.5)
    excon (0.31.0)
    gem-outdated (0.1)
    git-up (0.5.12)
      colored (>= 1.2)
      grit
    git_remote_branch (0.3.7)
      rainbow
    github (0.7.0)
      highline (~> 1.5.1)
      json_pure (~> 1.5.1)
      launchy (~> 0.3.7)
      text-format (= 1.0.0)
      text-hyphen (= 1.0.0)
    grit (2.5.0)
      diff-lcs (~> 1.1)
      mime-types (~> 1.15)
      posix-spawn (~> 0.3.6)
    heroku (3.2.2)
      heroku-api (~> 0.3.7)
      launchy (>= 0.3.2)
      netrc (~> 0.7.7)
      rest-client (~> 1.6.1)
      rubyzip
    heroku-api (0.3.17)
      excon (~> 0.27)
      multi_json (~> 1.8.2)
    highline (1.5.2)
    i18n (0.6.9)
    irb_hacks (0.2.5)
    json (1.8.1)
    json_pure (1.5.5)
      spruz (~> 0.2.8)
    launchy (0.3.7)
      configuration (>= 0.0.5)
      rake (>= 0.8.1)
    method_source (0.8.2)
    mime-types (1.25.1)
    minitest (4.7.5)
    multi_json (1.8.4)
    netrc (0.7.7)
    open_gem (1.4.2)
      launchy (~> 0.3.5)
    ori (0.1.0)
    pager (1.0.1)
    parser (2.1.4)
      ast (~> 1.1)
      slop (~> 3.4, >= 3.4.5)
    posix-spawn (0.3.8)
    powder (0.2.0)
      thor (>= 0.11.5)
    powerpack (0.0.9)
    powify (0.8.5)
      json
    rainbow (1.99.1)
    rake (10.0.4)
    rdoc (4.1.1)
      json (~> 1.4)
    rest-client (1.6.7)
      mime-types (>= 1.16)
    rubocop (0.16.0)
      parser (~> 2.1)
      powerpack (~> 0.0.6)
      rainbow (>= 1.1.4)
    ruby-lint (1.0.3)
      parser (~> 2.0)
      slop (~> 3.4, >= 3.4.7)
    rubyzip (1.1.0)
    showoff-io (0.4.0)
    slop (3.4.7)
    spruz (0.2.13)
    tapp (1.4.0)
      thor
    text-format (1.0.0)
      text-hyphen (~> 1.0.0)
    text-hyphen (1.0.0)
    thor (0.18.1)
    thread_safe (0.1.3)
      atomic
    transpec (1.7.0)
      activesupport (~> 4.0)
      bundler (~> 1.3)
      json (~> 1.8)
      parser (>= 2.1.3, < 3.0)
      rainbow (~> 1.99.1)
    tzinfo (0.3.38)
    wirble (0.1.3)
    zeus (0.13.3)
      method_source (>= 0.6.7)

PLATFORMS
  ruby

DEPENDENCIES
  awesome_print
  bundle_outdated
  bundler
  cheat
  gem-outdated
  git-up
  git_remote_branch
  github
  heroku
  irb_hacks
  open_gem
  ori
  powder
  powify
  rake (= 10.0.4)
  rdoc
  rubocop
  ruby-lint
  showoff-io
  tapp
  transpec
  wirble
  zeus
