GEM
  remote: http://rubygems.org/
  specs:
    awesome_print (0.4.0)
    cheat (1.3.0)
    colored (1.2)
    configuration (1.2.0)
    git_remote_branch (0.3.0)
      colored (>= 1.1)
    github (0.1.1)
    highline (1.6.2)
    irb_hacks (0.2.0)
    json_pure (1.5.1)
    launchy (0.3.7)
      configuration (>= 0.0.5)
      rake (>= 0.8.1)
    mime-types (1.16)
    net-ssh (2.1.4)
    open_gem (1.4.2)
      launchy (~> 0.3.5)
    ori (0.1.0)
    powder (0.1.4)
      thor (>= 0.11.5)
    rake (0.8.7)
    rdoc (2.3.0)
    rest-client (1.6.1)
      mime-types (>= 1.16)
    showoff-io (0.3.1)
      highline (>= 1.6.1)
      json_pure
      net-ssh (>= 2.1.0)
      rest-client (= 1.6.1)
    thor (0.14.6)
    wirble (0.1.3)

PLATFORMS
  ruby

DEPENDENCIES
  awesome_print
  bundler
  cheat
  git_remote_branch
  github
  irb_hacks
  open_gem
  ori
  powder
  rake
  rdoc
  showoff-io
  wirble
